PATH
  remote: .
  specs:
    r00lz (0.1.0)
      rack (~> 2.0.7)

GEM
  remote: https://rubygems.org/
  specs:
    rack (2.0.9.1)
    rake (13.0.6)

PLATFORMS
  x86_64-linux

DEPENDENCIES
  r00lz!
  rake (~> 13.0)

BUNDLED WITH
   2.3.14
