PATH
  remote: ../r00lz
  specs:
    r00lz (0.1.0)
      rack (~> 2.0.7)

GEM
  remote: https://rubygems.org/
  specs:
    rack (2.0.9.1)

PLATFORMS
  x86_64-linux

DEPENDENCIES
  r00lz!

BUNDLED WITH
   2.3.14
